GEM
  remote: http://rubygems.org/
  specs:
    abstract (1.0.0)
    actionmailer (3.0.4.rc)
      actionpack (= 3.0.4.rc)
      mail (~> 2.2.9)
    actionpack (3.0.4.rc)
      activemodel (= 3.0.4.rc)
      activesupport (= 3.0.4.rc)
      builder (~> 2.1.2)
      erubis (~> 2.6.6)
      i18n (~> 0.4)
      rack (~> 1.2.1)
      rack-mount (~> 0.6.13)
      rack-test (~> 0.5.6)
      tzinfo (~> 0.3.23)
    activemodel (3.0.4.rc)
      activesupport (= 3.0.4.rc)
      builder (~> 2.1.2)
      i18n (~> 0.4)
    activerecord (3.0.4.rc)
      activemodel (= 3.0.4.rc)
      activesupport (= 3.0.4.rc)
      arel (~> 2.0.2)
      tzinfo (~> 0.3.23)
    activeresource (3.0.4.rc)
      activemodel (= 3.0.4.rc)
      activesupport (= 3.0.4.rc)
    activesupport (3.0.4.rc)
    arel (2.0.3)
    builder (2.1.2)
    erubis (2.6.6)
      abstract (>= 1.0.0)
    i18n (0.4.2)
    mail (2.2.10)
      activesupport (>= 2.3.6)
      i18n (~> 0.4.1)
      mime-types (~> 1.16)
      treetop (~> 1.4.8)
    mime-types (1.16)
    polyglot (0.3.1)
    rack (1.2.1)
    rack-mount (0.6.13)
      rack (>= 1.0.0)
    rack-test (0.5.6)
      rack (>= 1.0)
    rails (3.0.4.rc)
      actionmailer (= 3.0.4.rc)
      actionpack (= 3.0.4.rc)
      activerecord (= 3.0.4.rc)
      activeresource (= 3.0.4.rc)
      activesupport (= 3.0.4.rc)
      bundler (~> 1.0)
      railties (= 3.0.4.rc)
    railties (3.0.4.rc)
      actionpack (= 3.0.4.rc)
      activesupport (= 3.0.4.rc)
      rake (>= 0.8.7)
      thor (~> 0.14.4)
    rake (0.8.7)
    sqlite3-ruby (1.2.5)
    thor (0.14.4)
    treetop (1.4.9)
      polyglot (>= 0.3.1)
    tzinfo (0.3.23)

PLATFORMS
  ruby

DEPENDENCIES
  rails (= 3.0.4.rc)
  sqlite3-ruby (= 1.2.5)

METADATA
  version: 1.0.6
